GEM
  remote: https://rubygems.org/
  specs:
    addressable (2.3.6)
    buftok (0.2.0)
    coderay (1.1.0)
    css_parser (1.3.5)
      addressable
    dotenv (0.10.0)
    equalizer (0.0.9)
    faraday (0.9.1)
      multipart-post (>= 1.2, < 3)
    htmlentities (4.3.3)
    http (0.6.3)
      http_parser.rb (~> 0.6.0)
    http_parser.rb (0.6.0)
    json (1.8.2)
    mail (2.6.3)
      mime-types (>= 1.16, < 3)
    memoizable (0.4.2)
      thread_safe (~> 0.3, >= 0.3.1)
    method_source (0.8.2)
    mime-types (2.4.3)
    mini_portile (0.6.2)
    multipart-post (2.0.0)
    naught (1.0.0)
    nokogiri (1.6.5)
      mini_portile (~> 0.6.0)
    pakyow (0.9.1)
      bundler (~> 1.5)
      pakyow-core (= 0.9.1)
      pakyow-mailer (= 0.9.1)
      pakyow-presenter (= 0.9.1)
      pakyow-rake (= 0.9.1)
      pakyow-support (= 0.9.1)
    pakyow-core (0.9.1)
      pakyow-support (= 0.9.1)
      rack (~> 1.5)
    pakyow-mailer (0.9.1)
      mail (~> 2.6)
      pakyow-core (= 0.9.1)
      pakyow-presenter (= 0.9.1)
      premailer (~> 1.8)
    pakyow-presenter (0.9.1)
      nokogiri (~> 1.6)
      pakyow-core (= 0.9.1)
      pakyow-support (= 0.9.1)
    pakyow-rake (0.9.1)
      pakyow-core (= 0.9.1)
      pakyow-presenter (= 0.9.1)
    pakyow-support (0.9.1)
    premailer (1.8.2)
      css_parser (>= 1.3.5)
      htmlentities (>= 4.0.0)
    pry (0.9.12.6)
      coderay (~> 1.0)
      method_source (~> 0.8)
      slop (~> 3.4)
    puma (2.10.2)
      rack (>= 1.1, < 2.0)
    rack (1.6.0)
    rake (10.4.2)
    simple_oauth (0.3.1)
    slop (3.6.0)
    thread_safe (0.3.4)
    twitter (5.13.0)
      addressable (~> 2.3)
      buftok (~> 0.2.0)
      equalizer (~> 0.0.9)
      faraday (~> 0.9.0)
      http (~> 0.6.0)
      http_parser.rb (~> 0.6.0)
      json (~> 1.8)
      memoizable (~> 0.4.0)
      naught (~> 1.0)
      simple_oauth (~> 0.3.0)

PLATFORMS
  ruby

DEPENDENCIES
  dotenv
  pakyow (= 0.9.1)
  pry
  puma
  rake
  twitter
